PATH
  remote: /Users/roca/.rvm/gems/ruby-1.9.2-p0@rails3/gems/annotate-models-1.0.4
  specs:
    annotate-models (1.0.4)

GEM
  remote: http://rubygems.org/
  specs:
    abstract (1.0.0)
    actionmailer (3.0.8)
      actionpack (= 3.0.8)
      mail (~> 2.2.19)
    actionpack (3.0.8)
      activemodel (= 3.0.8)
      activesupport (= 3.0.8)
      builder (~> 2.1.2)
      erubis (~> 2.6.6)
      i18n (~> 0.5.0)
      rack (~> 1.2.1)
      rack-mount (~> 0.6.14)
      rack-test (~> 0.5.7)
      tzinfo (~> 0.3.23)
    activemodel (3.0.8)
      activesupport (= 3.0.8)
      builder (~> 2.1.2)
      i18n (~> 0.5.0)
    activerecord (3.0.8)
      activemodel (= 3.0.8)
      activesupport (= 3.0.8)
      arel (~> 2.0.10)
      tzinfo (~> 0.3.23)
    activeresource (3.0.8)
      activemodel (= 3.0.8)
      activesupport (= 3.0.8)
    activesupport (3.0.8)
    arel (2.0.10)
    builder (2.1.2)
    diff-lcs (1.1.3)
    erubis (2.6.6)
      abstract (>= 1.0.0)
    factory_girl (1.3.3)
    factory_girl_rails (1.0)
      factory_girl (~> 1.3)
      rails (>= 3.0.0.beta4)
    faker (0.3.1)
    gravatar_image_tag (0.1.0)
    haml (3.1.3)
    i18n (0.5.0)
    jquery-rails (1.0.14)
      railties (~> 3.0)
      thor (~> 0.14)
    kaminari (0.10.2)
      rails (>= 3.0.0)
    mail (2.2.19)
      activesupport (>= 2.3.6)
      i18n (>= 0.4.0)
      mime-types (~> 1.16)
      treetop (~> 1.4.8)
    mime-types (1.16)
    mysql (2.8.1)
    newrelic_rpm (3.1.2)
    nokogiri (1.5.0)
    polyglot (0.3.2)
    rack (1.2.3)
    rack-mount (0.6.14)
      rack (>= 1.0.0)
    rack-test (0.5.7)
      rack (>= 1.0)
    rails (3.0.8)
      actionmailer (= 3.0.8)
      actionpack (= 3.0.8)
      activerecord (= 3.0.8)
      activeresource (= 3.0.8)
      activesupport (= 3.0.8)
      bundler (~> 1.0)
      railties (= 3.0.8)
    railties (3.0.8)
      actionpack (= 3.0.8)
      activesupport (= 3.0.8)
      rake (>= 0.8.7)
      thor (~> 0.14.4)
    rake (0.9.2)
    rspec (2.1.0)
      rspec-core (~> 2.1.0)
      rspec-expectations (~> 2.1.0)
      rspec-mocks (~> 2.1.0)
    rspec-core (2.1.0)
    rspec-expectations (2.1.0)
      diff-lcs (~> 1.1.2)
    rspec-mocks (2.1.0)
    rspec-rails (2.1.0)
      rspec (~> 2.1.0)
    spork (0.8.4)
    sqlite3-ruby (1.2.5)
    thor (0.14.6)
    treetop (1.4.10)
      polyglot
      polyglot (>= 0.3.1)
    tzinfo (0.3.29)
    webrat (0.7.1)
      nokogiri (>= 1.2.0)
      rack (>= 1.0)
      rack-test (>= 0.5.3)

PLATFORMS
  ruby

DEPENDENCIES
  annotate-models (= 1.0.4)!
  factory_girl_rails (= 1.0)
  faker (= 0.3.1)
  gravatar_image_tag (= 0.1.0)
  haml
  jquery-rails
  kaminari (= 0.10.2)
  mysql (= 2.8.1)
  newrelic_rpm
  rails (= 3.0.8)
  rspec (= 2.1.0)
  rspec-rails (= 2.1.0)
  spork (= 0.8.4)
  sqlite3-ruby (= 1.2.5)
  webrat (= 0.7.1)
